PATH
  remote: vendor/gems/delayed_job_mongoid
  specs:
    delayed_job_mongoid (1.0.8)
      delayed_job (~> 3.0.0)
      mongoid (>= 3.0.0.rc)

PATH
  remote: vendor/gems/kaminari
  specs:
    kaminari (0.13.0)
      actionpack (>= 3.0.0)
      activesupport (>= 3.0.0)

PATH
  remote: vendor/gems/mongoid-magic-counter-cache
  specs:
    mongoid_magic_counter_cache (0.1.1)
      mongoid (>= 3.0)
      rake

PATH
  remote: vendor/gems/mongoid-tree
  specs:
    mongoid-tree (1.0.0)
      mongoid (>= 3.0, <= 4.0)

PATH
  remote: vendor/gems/rack-contrib
  specs:
    rack-contrib (1.2.0)
      rack (>= 0.9.1)

PATH
  remote: vendor/gems/voteable_mongo
  specs:
    voteable_mongo (0.9.3)

GEM
  remote: https://rubygems.org/
  specs:
    actionpack (3.2.8)
      activemodel (= 3.2.8)
      activesupport (= 3.2.8)
      builder (~> 3.0.0)
      erubis (~> 2.7.0)
      journey (~> 1.0.4)
      rack (~> 1.4.0)
      rack-cache (~> 1.2)
      rack-test (~> 0.6.1)
      sprockets (~> 2.1.3)
    activemodel (3.2.8)
      activesupport (= 3.2.8)
      builder (~> 3.0.0)
    activesupport (3.2.8)
      i18n (~> 0.6)
      multi_json (~> 1.0)
    ampex (2.0.0)
      blankslate
    ansi (1.4.3)
    blankslate (2.1.2.4)
    bson (1.6.4)
    bson_ext (1.6.4)
      bson (~> 1.6.4)
    builder (3.0.4)
    coderay (1.0.7)
    dalli (2.1.0)
    database_cleaner (1.2.0)
    delayed_job (3.0.3)
      activesupport (~> 3.0)
    diff-lcs (1.1.3)
    enumerize (0.8.0)
      activesupport (>= 3.2)
    erubis (2.7.0)
    faker (1.0.1)
      i18n (~> 0.4)
    guard (1.3.2)
      listen (>= 0.4.2)
      thor (>= 0.14.6)
    guard-unicorn (0.0.7)
      guard (>= 1.1)
    hashr (0.0.22)
    hike (1.2.3)
    i18n (0.6.9)
    journey (1.0.4)
    kgio (2.7.4)
    listen (0.5.0)
    method_source (0.8)
    mime-types (2.2)
    mongo (1.6.4)
      bson (~> 1.6.4)
    mongoid (3.0.15)
      activemodel (~> 3.1)
      moped (~> 1.1)
      origin (~> 1.0)
      tzinfo (~> 0.3.22)
    moped (1.5.1)
    multi_json (1.10.0)
    newrelic_moped (1.0.0)
      moped
      newrelic_rpm (>= 3.7)
    newrelic_rpm (3.11.2.286)
    nokogiri (1.6.6.2)
    origin (1.1.0)
    pry (0.9.10)
      coderay (~> 1.0.5)
      method_source (~> 0.8)
      slop (~> 3.3.1)
    pry-nav (0.2.2)
      pry (~> 0.9.10)
    rack (1.4.1)
    rack-cache (1.5.1)
      rack (>= 0.4)
    rack-protection (1.2.0)
      rack
    rack-test (0.6.1)
      rack (>= 1.0)
    rack-timeout (0.1.0beta3)
    raindrops (0.10.0)
    rake (10.3.1)
    rdiscount (1.6.8)
    rest-client (1.6.7)
      mime-types (>= 1.16)
    rspec (2.11.0)
      rspec-core (~> 2.11.0)
      rspec-expectations (~> 2.11.0)
      rspec-mocks (~> 2.11.0)
    rspec-core (2.11.1)
    rspec-expectations (2.11.2)
      diff-lcs (~> 1.1.3)
    rspec-mocks (2.11.2)
    simplecov (0.7.1)
      multi_json (~> 1.0)
      simplecov-html (~> 0.7.1)
    simplecov-html (0.7.1)
    sinatra (1.3.3)
      rack (~> 1.3, >= 1.3.6)
      rack-protection (~> 1.2)
      tilt (~> 1.3, >= 1.3.3)
    slop (3.3.2)
    sprockets (2.1.3)
      hike (~> 1.2)
      rack (~> 1.0)
      tilt (~> 1.1, != 1.3.0)
    thor (0.16.0)
    tilt (1.3.3)
    tire (0.6.2)
      activemodel (>= 3.0)
      activesupport
      ansi
      hashr (~> 0.0.19)
      multi_json (~> 1.3)
      rake
      rest-client (~> 1.6)
    tire-contrib (0.1.1)
      tire
    tzinfo (0.3.38)
    unicorn (4.3.1)
      kgio (~> 2.6)
      rack
      raindrops (~> 0.7)
    will_paginate (3.0.4)
    will_paginate_mongoid (1.1.0)
      mongoid (>= 2.4)
      will_paginate (~> 3.0)
    yajl-ruby (1.1.0)

PLATFORMS
  ruby

DEPENDENCIES
  ampex
  bson_ext
  bundler
  dalli
  database_cleaner
  delayed_job
  delayed_job_mongoid!
  enumerize (~> 0.8.0)
  faker
  guard
  guard-unicorn
  i18n
  kaminari!
  mongo
  mongoid (= 3.0.15)
  mongoid-tree!
  mongoid_magic_counter_cache!
  moped (= 1.5.1)
  newrelic_moped
  newrelic_rpm
  nokogiri
  pry
  pry-nav
  rack-contrib!
  rack-test
  rack-timeout (= 0.1.0beta3)
  rake
  rdiscount
  rest-client
  rspec
  simplecov
  sinatra
  tire (= 0.6.2)
  tire-contrib
  unicorn
  voteable_mongo!
  will_paginate_mongoid
  yajl-ruby

BUNDLED WITH
   1.10.5
